GEM
  remote: https://rubygems.org/
  specs:
    backports (3.11.3)
    crass (1.0.4)
    ffi (1.9.23)
    haml (5.0.4)
      temple (>= 0.8.0)
      tilt
    kramdown (1.16.2)
    mime-types (3.1)
      mime-types-data (~> 3.2015)
    mime-types-data (3.2016.0521)
    mini_portile2 (2.3.0)
    multi_json (1.13.1)
    nokogiri (1.8.2)
      mini_portile2 (~> 2.3.0)
    nokogumbo (1.5.0)
      nokogiri
    rack (1.6.10)
    rack-protection (1.5.5)
      rack
    rack-test (0.7.0)
      rack (>= 1.0, < 3)
    rb-fsevent (0.10.3)
    rb-inotify (0.9.10)
      ffi (>= 0.5.0, < 2)
    rugged (0.27.0)
    sanitize (4.6.5)
      crass (~> 1.0.2)
      nokogiri (>= 1.4.4)
      nokogumbo (~> 1.4)
    sass (3.5.6)
      sass-listen (~> 4.0.0)
    sass-listen (4.0.0)
      rb-fsevent (~> 0.9, >= 0.9.4)
      rb-inotify (~> 0.9, >= 0.9.7)
    sinatra (1.4.8)
      rack (~> 1.5)
      rack-protection (~> 1.4)
      tilt (>= 1.3, < 3)
    sinatra-contrib (1.4.7)
      backports (>= 2.0)
      multi_json
      rack-protection
      rack-test
      sinatra (~> 1.4.0)
      tilt (>= 1.3, < 3)
    slack-notifier (2.3.2)
    temple (0.8.0)
    tilt (2.0.8)

PLATFORMS
  ruby

DEPENDENCIES
  haml
  kramdown
  mime-types
  rugged
  sanitize
  sass
  sinatra
  sinatra-contrib
  slack-notifier

BUNDLED WITH
   1.16.2
