GEM
  remote: https://rubygems.org/
  specs:
    rugged (0.21.2)

PLATFORMS
  ruby

DEPENDENCIES
  rugged
