GEM
  remote: https://rubygems.org/
  specs:
    addressable (2.3.6)
    backports (3.6.4)
    carrier-pigeon (0.7.0)
      addressable
    crass (1.0.1)
    haml (4.0.6)
      tilt
    kramdown (1.5.0)
    mime-types (2.4.3)
    mini_portile (0.6.1)
    multi_json (1.10.1)
    nokogiri (1.6.5)
      mini_portile (~> 0.6.0)
    nokogumbo (1.2.0)
      nokogiri
    rack (1.6.0)
    rack-protection (1.5.3)
      rack
    rack-test (0.6.2)
      rack (>= 1.0)
    rugged (0.21.3)
    sanitize (3.1.0)
      crass (~> 1.0.1)
      nokogiri (>= 1.4.4)
      nokogumbo (= 1.2.0)
    sass (3.4.9)
    sinatra (1.4.5)
      rack (~> 1.4)
      rack-protection (~> 1.4)
      tilt (~> 1.3, >= 1.3.4)
    sinatra-contrib (1.4.2)
      backports (>= 2.0)
      multi_json
      rack-protection
      rack-test
      sinatra (~> 1.4.0)
      tilt (~> 1.3)
    string-scrub (0.0.5)
    tilt (1.4.1)

PLATFORMS
  ruby

DEPENDENCIES
  carrier-pigeon
  haml
  kramdown
  mime-types
  rugged
  sanitize
  sass
  sinatra
  sinatra-contrib
  string-scrub
